GEM
  remote: https://rubygems.org/
  specs:
    activemodel (6.0.6.1)
      activesupport (= 6.0.6.1)
    activerecord (6.0.6.1)
      activemodel (= 6.0.6.1)
      activesupport (= 6.0.6.1)
    activerecord-import (1.0.4)
      activerecord (>= 3.2)
    activesupport (6.0.6.1)
      concurrent-ruby (~> 1.0, >= 1.0.2)
      i18n (>= 0.7, < 2)
      minitest (~> 5.1)
      tzinfo (~> 1.1)
      zeitwerk (~> 2.2, >= 2.2.2)
    addressable (2.7.0)
      public_suffix (>= 2.0.2, < 5.0)
    ast (2.4.0)
    async (1.24.2)
      console (~> 1.0)
      nio4r (~> 2.3)
      timers (~> 4.1)
    async-await (0.5.0)
      async (~> 1.3)
      ruby2_keywords
    builder (3.2.4)
    coderay (1.1.2)
    concurrent-ruby (1.1.10)
    console (1.8.1)
    crack (0.4.3)
      safe_yaml (~> 1.0.0)
    database_cleaner (1.8.2)
    database_cleaner-active_record (1.8.0)
      activerecord
      database_cleaner (~> 1.8.0)
    diff-lcs (1.3)
    dry-configurable (0.9.0)
      concurrent-ruby (~> 1.0)
      dry-core (~> 0.4, >= 0.4.7)
    dry-container (0.7.2)
      concurrent-ruby (~> 1.0)
      dry-configurable (~> 0.1, >= 0.1.3)
    dry-core (0.4.9)
      concurrent-ruby (~> 1.0)
    dry-equalizer (0.3.0)
    dry-inflector (0.2.0)
    dry-logic (1.0.5)
      concurrent-ruby (~> 1.0)
      dry-core (~> 0.2)
      dry-equalizer (~> 0.2)
    dry-types (1.2.2)
      concurrent-ruby (~> 1.0)
      dry-container (~> 0.3)
      dry-core (~> 0.4, >= 0.4.4)
      dry-equalizer (~> 0.3)
      dry-inflector (~> 0.1, >= 0.1.2)
      dry-logic (~> 1.0, >= 1.0.2)
    faraday (1.0.0)
      multipart-post (>= 1.2, < 3)
    grape (1.3.0)
      activesupport
      builder
      dry-types (>= 1.1)
      mustermann-grape (~> 1.0.0)
      rack (>= 1.3.0)
      rack-accept
    hashdiff (1.0.0)
    hashie (4.1.0)
    hashie-forbidden_attributes (0.1.1)
      hashie (>= 3.0)
    i18n (1.12.0)
      concurrent-ruby (~> 1.0)
    jaro_winkler (1.5.4)
    method_source (0.9.2)
    minitest (5.17.0)
    multipart-post (2.1.1)
    mustermann (1.1.1)
      ruby2_keywords (~> 0.0.1)
    mustermann-grape (1.0.1)
      mustermann (>= 1.0.0)
    nio4r (2.5.2)
    otr-activerecord (1.4.1)
      activerecord (>= 4.0, < 6.1)
      hashie-forbidden_attributes (~> 0.1)
    parallel (1.19.1)
    parser (2.7.0.2)
      ast (~> 2.4.0)
    pg (1.2.2)
    pry (0.12.2)
      coderay (~> 1.1.0)
      method_source (~> 0.9.0)
    pry-nav (0.3.0)
      pry (>= 0.9.10, < 0.13.0)
    public_suffix (4.0.3)
    rack (1.6.4)
    rack-accept (0.4.5)
      rack (>= 0.4)
    rack-test (0.8.3)
      rack (>= 1.0, < 3)
    rainbow (3.0.0)
    rake (13.0.1)
    rspec (3.9.0)
      rspec-core (~> 3.9.0)
      rspec-expectations (~> 3.9.0)
      rspec-mocks (~> 3.9.0)
    rspec-core (3.9.1)
      rspec-support (~> 3.9.1)
    rspec-expectations (3.9.0)
      diff-lcs (>= 1.2.0, < 2.0)
      rspec-support (~> 3.9.0)
    rspec-mocks (3.9.1)
      diff-lcs (>= 1.2.0, < 2.0)
      rspec-support (~> 3.9.0)
    rspec-support (3.9.2)
    rubocop (0.79.0)
      jaro_winkler (~> 1.5.1)
      parallel (~> 1.10)
      parser (>= 2.7.0.1)
      rainbow (>= 2.2.2, < 4.0)
      ruby-progressbar (~> 1.7)
      unicode-display_width (>= 1.4.0, < 1.7)
    rubocop-rspec (1.37.1)
      rubocop (>= 0.68.1)
    ruby-progressbar (1.10.1)
    ruby2_keywords (0.0.2)
    safe_yaml (1.0.5)
    thread_safe (0.3.6)
    timers (4.3.0)
    tzinfo (1.2.10)
      thread_safe (~> 0.1)
    unicode-display_width (1.6.1)
    webmock (3.8.1)
      addressable (>= 2.3.6)
      crack (>= 0.3.2)
      hashdiff (>= 0.4.0, < 2.0.0)
    zeitwerk (2.6.6)

PLATFORMS
  ruby

DEPENDENCIES
  activerecord-import
  async-await
  database_cleaner-active_record
  faraday
  grape
  otr-activerecord
  pg
  pry
  pry-nav
  rack
  rack-test
  rake
  rspec
  rubocop
  rubocop-rspec
  webmock (~> 3.0, >= 3.0.1)

RUBY VERSION
   ruby 2.6.5p114

BUNDLED WITH
   1.17.3
